PATH
  remote: .
  specs:
    truth (0.0.1)
      erubis
      iplogic (~> 0.2.1)

GEM
  remote: http://rubygems.org/
  specs:
    ZenTest (4.7.0)
    autotest (4.4.6)
      ZenTest (>= 4.4.1)
    diff-lcs (1.1.3)
    erubis (2.7.0)
    ffaker (1.14.0)
    iplogic (0.2.1)
    rspec (2.9.0)
      rspec-core (~> 2.9.0)
      rspec-expectations (~> 2.9.0)
      rspec-mocks (~> 2.9.0)
    rspec-core (2.9.0)
    rspec-expectations (2.9.1)
      diff-lcs (~> 1.1.3)
    rspec-mocks (2.9.0)

PLATFORMS
  ruby

DEPENDENCIES
  autotest
  ffaker
  rspec (~> 2.0)
  truth!
